GEM
  remote: http://rubygems.org/
  specs:
    addressable (2.2.8)
    backports (2.6.5)
    bcrypt-ruby (3.0.1)
    bcrypt-ruby (3.0.1-java)
    blankslate (2.1.2.4)
    data_objects (0.10.10)
      addressable (~> 2.1)
    datamapper (1.2.0)
      dm-aggregates (~> 1.2.0)
      dm-constraints (~> 1.2.0)
      dm-core (~> 1.2.0)
      dm-migrations (~> 1.2.0)
      dm-serializer (~> 1.2.0)
      dm-timestamps (~> 1.2.0)
      dm-transactions (~> 1.2.0)
      dm-types (~> 1.2.0)
      dm-validations (~> 1.2.0)
    dm-aggregates (1.2.0)
      dm-core (~> 1.2.0)
    dm-constraints (1.2.0)
      dm-core (~> 1.2.0)
    dm-core (1.2.0)
      addressable (~> 2.2.6)
    dm-do-adapter (1.2.0)
      data_objects (~> 0.10.6)
      dm-core (~> 1.2.0)
    dm-migrations (1.2.0)
      dm-core (~> 1.2.0)
    dm-serializer (1.2.2)
      dm-core (~> 1.2.0)
      fastercsv (~> 1.5)
      json (~> 1.6)
      json_pure (~> 1.6)
      multi_json (~> 1.0)
    dm-sqlite-adapter (1.2.0)
      dm-do-adapter (~> 1.2.0)
      do_sqlite3 (~> 0.10.6)
    dm-timestamps (1.2.0)
      dm-core (~> 1.2.0)
    dm-transactions (1.2.0)
      dm-core (~> 1.2.0)
    dm-types (1.2.2)
      bcrypt-ruby (~> 3.0)
      dm-core (~> 1.2.0)
      fastercsv (~> 1.5)
      json (~> 1.6)
      multi_json (~> 1.0)
      stringex (~> 1.4)
      uuidtools (~> 2.1)
    dm-validations (1.2.0)
      dm-core (~> 1.2.0)
    do_jdbc (0.10.10-java)
      data_objects (= 0.10.10)
    do_sqlite3 (0.10.10)
      data_objects (= 0.10.10)
    do_sqlite3 (0.10.10-java)
      data_objects (= 0.10.10)
      do_jdbc (= 0.10.10)
      jdbc-sqlite3 (>= 3.5.8)
    edn (1.0.0)
      parslet (~> 1.4.0)
    eventmachine (1.0.0)
    eventmachine (1.0.0-java)
    fastercsv (1.5.5)
    haml (3.1.7)
    jdbc-sqlite3 (3.7.2)
    json (1.7.5)
    json (1.7.5-java)
    json_pure (1.7.5)
    multi_json (1.5.0)
    parslet (1.4.0)
      blankslate (~> 2.0)
    rack (1.4.1)
    rack-protection (1.3.2)
      rack
    rack-test (0.6.2)
      rack (>= 1.0)
    rake (10.0.3)
    sinatra (1.3.3)
      rack (~> 1.3, >= 1.3.6)
      rack-protection (~> 1.2)
      tilt (~> 1.3, >= 1.3.3)
    sinatra-contrib (1.3.2)
      backports (>= 2.0)
      eventmachine
      rack-protection
      rack-test
      sinatra (~> 1.3.0)
      tilt (~> 1.3)
    sinatra-reloader (1.0)
      sinatra-contrib
    stringex (1.5.1)
    thor (0.16.0)
    tilt (1.3.3)
    torquebox (2.2.0)
      thor (>= 0.14.6)
      torquebox-cache (= 2.2.0)
      torquebox-configure (= 2.2.0)
      torquebox-core (= 2.2.0)
      torquebox-messaging (= 2.2.0)
      torquebox-naming (= 2.2.0)
      torquebox-rake-support (= 2.2.0)
      torquebox-security (= 2.2.0)
      torquebox-stomp (= 2.2.0)
      torquebox-transactions (= 2.2.0)
      torquebox-web (= 2.2.0)
    torquebox-cache (2.2.0-java)
      torquebox-core (= 2.2.0)
      torquebox-transactions (= 2.2.0)
    torquebox-configure (2.2.0-java)
      blankslate (= 2.1.2.4)
    torquebox-core (2.2.0-java)
    torquebox-messaging (2.2.0-java)
      edn (= 1.0.0)
      torquebox-core (= 2.2.0)
      torquebox-transactions (= 2.2.0)
    torquebox-naming (2.2.0-java)
    torquebox-rake-support (2.2.0)
      rake (>= 0.8.7)
    torquebox-security (2.2.0-java)
      torquebox-core (= 2.2.0)
    torquebox-stomp (2.2.0)
      torquebox-core (= 2.2.0)
      torquebox-messaging (= 2.2.0)
    torquebox-transactions (2.2.0)
      torquebox-core (= 2.2.0)
    torquebox-web (2.2.0-java)
    uuidtools (2.1.3)

PLATFORMS
  java

DEPENDENCIES
  datamapper (= 1.2.0)
  dm-sqlite-adapter (= 1.2.0)
  haml (= 3.1.7)
  sinatra (= 1.3.3)
  sinatra-reloader (= 1.0)
  torquebox (= 2.2.0)
